STORAGE: NONE
RESTRICTION: || (== net5.0) (== netstandard2.0) (== netstandard2.1)
NUGET
  remote: https://api.nuget.org/v3/index.json
    FSharp.Core (7.0.300)
    FSharpPlus (1.4.1)
      FSharp.Core (>= 6.0.6)
